GEM
  remote: https://rubygems.org/
  specs:
    diff-lcs (1.1.3)
    hoe (3.3.1)
      rake (>= 0.8, < 11.0)
    json (1.7.5)
    metaclass (0.0.1)
    mocha (0.13.1)
      metaclass (~> 0.0.1)
    multi_json (1.5.0)
    rake (10.0.3)
    rdoc (3.12)
      json (~> 1.4)
    rspec (2.12.0)
      rspec-core (~> 2.12.0)
      rspec-expectations (~> 2.12.0)
      rspec-mocks (~> 2.12.0)
    rspec-core (2.12.2)
    rspec-expectations (2.12.0)
      diff-lcs (~> 1.1.3)
    rspec-mocks (2.12.0)
    simplecov (0.7.1)
      multi_json (~> 1.0)
      simplecov-html (~> 0.7.1)
    simplecov-html (0.7.1)

PLATFORMS
  ruby

DEPENDENCIES
  hoe (~> 3.3)
  mocha (= 0.13.1)
  rdoc (~> 3.10)
  rspec (= 2.12.0)
  simplecov (= 0.7.1)
